GEM
  remote: http://rubygems.org/
  specs:
    github-markdown (0.6.4)

PLATFORMS
  ruby

DEPENDENCIES
  github-markdown
